GEM
  remote: https://rubygems.org/
  specs:
    hpricot (0.8.6)
    sequel (4.7.0)

PLATFORMS
  ruby

DEPENDENCIES
  hpricot
  sequel
